GEM
  remote: https://rubygems.org/
  specs:
    childprocess (0.8.0)
      ffi (~> 1.0, >= 1.0.11)
    ffi (1.9.18-x64-mingw32)
    rubyzip (1.2.1)
    selenium-webdriver (3.8.0)
      childprocess (~> 0.5)
      rubyzip (~> 1.0)
    unidecoder (1.1.2)
    watir (6.10.2)
      selenium-webdriver (~> 3.4, >= 3.4.1)

PLATFORMS
  x64-mingw32

DEPENDENCIES
  unidecoder
  watir

BUNDLED WITH
   1.16.1
